GEM
  remote: https://rubygems.org/
  specs:
    kramdown (1.17.0)
    rouge (3.3.0)

PLATFORMS
  ruby

DEPENDENCIES
  kramdown
  rouge

BUNDLED WITH
   2.0.1
