GEM
  remote: https://rubygems.org/
  specs:
    kramdown (2.1.0)
    kramdown-parser-gfm (1.1.0)
      kramdown (~> 2.0)

PLATFORMS
  ruby

DEPENDENCIES
  kramdown-parser-gfm

BUNDLED WITH
   1.17.2
