GEM
  remote: https://rubygems.org/
  specs:
    kramdown (1.13.1)

PLATFORMS
  ruby

DEPENDENCIES
  kramdown

BUNDLED WITH
   1.13.7
