GEM
  remote: https://rubygems.org/
  specs:
    rouge (3.3.0)

PLATFORMS
  ruby

DEPENDENCIES
  rouge

BUNDLED WITH
   1.17.2
